GEM
  remote: https://rubygems.org/
  specs:
    dandelion (0.5.0)
      rugged (= 0.23.3)
    double-bag-ftps (0.1.3)
    net-sftp (2.1.2)
      net-ssh (>= 2.6.5)
    net-ssh (3.2.0)
    rugged (0.23.3)

PLATFORMS
  ruby

DEPENDENCIES
  dandelion
  double-bag-ftps
  net-sftp

BUNDLED WITH
   1.11.2
